GEM
  remote: https://rubygems.org/
  specs:
    adelnor (0.0.7)
      rack
    chespirito (0.0.6)
      adelnor
      rack
    pg (1.5.9)
    rack (3.1.8)
    rackup (2.2.1)
      rack (>= 3)

PLATFORMS
  ruby
  x86_64-linux

DEPENDENCIES
  adelnor (~> 0.0.7)
  chespirito (~> 0.0.5)
  pg
  rackup

BUNDLED WITH
   2.5.22
